PATH
  remote: .
  specs:
    infinity_test (2.0.0.rc1)
      activesupport (~> 3.2.13)
      hike (~> 1.2)
      watchr

GEM
  remote: https://rubygems.org/
  specs:
    activesupport (3.2.13)
      i18n (= 0.6.1)
      multi_json (~> 1.0)
    diff-lcs (1.2.3)
    hike (1.2.3)
    i18n (0.6.1)
    multi_json (1.7.7)
    rake (10.0.4)
    rspec (2.13.0)
      rspec-core (~> 2.13.0)
      rspec-expectations (~> 2.13.0)
      rspec-mocks (~> 2.13.0)
    rspec-core (2.13.1)
    rspec-expectations (2.13.0)
      diff-lcs (>= 1.1.3, < 2.0)
    rspec-mocks (2.13.1)
    watchr (0.7)

PLATFORMS
  ruby

DEPENDENCIES
  bundler (~> 1.3)
  infinity_test!
  rake
  rspec
